PATH
  remote: ../../ruby
  specs:
    helix_runtime (0.5.0.alpha.2)
      rake (>= 10.0)
      thor (~> 0.19.4)

PATH
  remote: .
  specs:
    turbo_blank (0.1.0)
      helix_runtime

GEM
  remote: https://rubygems.org/
  specs:
    minitest (5.8.3)
    rake (10.5.0)
    thor (0.19.4)

PLATFORMS
  ruby
  x64-mingw32
  x86-mingw32

DEPENDENCIES
  bundler (~> 1.11)
  helix_runtime!
  minitest (~> 5.0)
  rake (~> 10.0)
  turbo_blank!

BUNDLED WITH
   1.14.6
